GEM
  remote: https://rubygems.org/
  specs:
    addressable (2.3.3)
    ansi (1.4.3)
    builder (3.2.0)
    hashie (2.0.3)
    json_pure (1.7.7)
    minitest (4.3.2)
    minitest-reporters (0.14.12)
      ansi
      builder
      minitest (>= 2.12, < 5.0)
      powerbar
    powerbar (1.0.11)
      ansi (~> 1.4.0)
      hashie (>= 1.1.0)
    rdf (1.0.4)
      addressable (>= 2.2)
    rdf-json (1.0.0)
      json_pure (>= 1.4)
      rdf (>= 1.0)
    rdf-raptor (0.3.0)
      rdf (>= 0.1.9)
    rdf-trix (1.0.0)
      rdf (>= 1.0)
    spork (0.9.2)
    spork-minitest (0.0.3)
      spork
    spork-testunit (0.0.8)
      spork (>= 0.6.0)
    test-unit (2.0.0.0)
    win32console (1.3.0)
    win32console (1.3.0-x86-mingw32)

PLATFORMS
  x86-mingw32

DEPENDENCIES
  minitest
  minitest-reporters (>= 0.5.0)
  rdf
  rdf-json
  rdf-raptor
  rdf-trix
  spork
  spork-minitest
  spork-testunit
  test-unit
  win32console (= 1.3.0)
