GEM
  remote: https://rubygems.org/
  specs:
    addressable (2.3.3)
    json_pure (1.7.7)
    rdf (1.0.4)
      addressable (>= 2.2)
    rdf-json (1.0.0)
      json_pure (>= 1.4)
      rdf (>= 1.0)

PLATFORMS
  x86-mingw32

DEPENDENCIES
  rdf
  rdf-json
